PATH
  remote: .
  specs:
    Ipng (0.1.0)

GEM
  remote: https://rubygems.org/
  specs:
    aescrypt (1.0.0)
    chunky_png (1.3.10)
    diff-lcs (1.3)
    rake (10.5.0)
    rspec (3.7.0)
      rspec-core (~> 3.7.0)
      rspec-expectations (~> 3.7.0)
      rspec-mocks (~> 3.7.0)
    rspec-core (3.7.1)
      rspec-support (~> 3.7.0)
    rspec-expectations (3.7.0)
      diff-lcs (>= 1.2.0, < 2.0)
      rspec-support (~> 3.7.0)
    rspec-mocks (3.7.0)
      diff-lcs (>= 1.2.0, < 2.0)
      rspec-support (~> 3.7.0)
    rspec-support (3.7.1)

PLATFORMS
  ruby

DEPENDENCIES
  Ipng!
  aescrypt
  bundler (~> 1.16)
  chunky_png (~> 1.3)
  rake (~> 10.0)
  rspec

BUNDLED WITH
   1.16.1
